GEM
  remote: https://rubygems.org/
  specs:
    activesupport (7.0.3)
      concurrent-ruby (~> 1.0, >= 1.0.2)
      i18n (>= 1.6, < 2)
      minitest (>= 5.1)
      tzinfo (~> 2.0)
    aws-eventstream (1.2.0)
    aws-partitions (1.781.0)
    aws-sdk-core (3.175.0)
      aws-eventstream (~> 1, >= 1.0.2)
      aws-partitions (~> 1, >= 1.651.0)
      aws-sigv4 (~> 1.5)
      jmespath (~> 1, >= 1.6.1)
    aws-sdk-ecr (1.60.0)
      aws-sdk-core (~> 3, >= 3.174.0)
      aws-sigv4 (~> 1.1)
    aws-sigv4 (1.5.2)
      aws-eventstream (~> 1, >= 1.0.2)
    colored2 (3.1.2)
    concourse.rb (0.5.0)
      excon (~> 0.72)
      semantic (~> 1.5)
    concurrent-ruby (1.1.10)
    confidante (0.28.0.pre.21)
      activesupport (>= 4)
      hiera (~> 3.3)
      shikashi (~> 0.6)
      vault (~> 0.17)
    docker-api (2.2.0)
      excon (>= 0.47.0)
      multi_json
    dotenv (2.8.1)
    evalhook (0.6.0)
      partialruby (~> 0.3)
      sexp_processor (~> 4.0)
    excon (0.100.0)
    getsource (0.2.2)
    hamster (3.0.0)
      concurrent-ruby (~> 1.0)
    hiera (3.12.0)
    i18n (1.10.0)
      concurrent-ruby (~> 1.0)
    immutable-struct (2.4.1)
    jmespath (1.6.2)
    lino (3.1.0)
      hamster (~> 3.0)
      open4 (~> 1.3)
    minitar (0.9)
    minitest (5.15.0)
    multi_json (1.15.0)
    nokogiri (1.15.2-arm64-darwin)
      racc (~> 1.4)
    nokogiri (1.15.2-x86_64-linux)
      racc (~> 1.4)
    open4 (1.3.4)
    partialruby (0.3.0)
      ruby2ruby (~> 2)
      ruby_parser (~> 3)
    racc (1.7.1)
    rake (13.0.6)
    rake_dependencies (3.1.0)
      hamster (~> 3.0)
      minitar (~> 0.9)
      rake_factory (~> 0.23)
      rubyzip (>= 1.3)
    rake_docker (2.19.0)
      aws-sdk-ecr (~> 1.2)
      colored2 (~> 3.1)
      docker-api (>= 1.34, < 3.0)
      rake_factory (~> 0.23)
    rake_factory (0.29.0)
      activesupport (>= 4)
      rake (~> 13.0)
    rake_fly (2.13.0)
      concourse.rb (>= 0.4)
      rake_dependencies (~> 3.1)
      rake_factory (~> 0.29)
      ruby_fly (>= 0.35)
      semantic (~> 1.6)
    rake_leiningen (0.36.0)
      rake_dependencies (~> 3.1)
      rake_factory (~> 0.23)
      ruby_leiningen (= 0.25.0)
      semantic (~> 1.6)
    rake_terraform (1.23.0)
      colored2 (~> 3.1)
      rake_dependencies (~> 3.1)
      rake_factory (~> 0.23)
      ruby-terraform (~> 1.4)
    rake_vault (0.1.0.pre.13)
      colored2 (~> 3.1)
      rake_dependencies (~> 3.1)
      rake_factory (~> 0.23)
      ruby_vault (~> 0.1.0.pre.15)
      vault (~> 0.17)
    ruby-terraform (1.7.0)
      immutable-struct (~> 2.4)
      lino (~> 3.0)
    ruby2ruby (2.5.0)
      ruby_parser (~> 3.1)
      sexp_processor (~> 4.6)
    ruby_fly (0.39.0)
      lino (~> 3.0)
    ruby_leiningen (0.25.0)
      activesupport (>= 6.0.2, < 8)
      lino (~> 3.0)
    ruby_parser (3.20.2)
      sexp_processor (~> 4.16)
    ruby_vault (0.1.0)
      immutable-struct (~> 2.4)
      lino (~> 3.0)
    rubyzip (2.3.2)
    semantic (1.6.1)
    sexp_processor (4.17.0)
    shikashi (0.6.0)
      evalhook (>= 0.6.0)
      getsource (>= 0.1.0)
    tzinfo (2.0.4)
      concurrent-ruby (~> 1.0)
    vault (0.17.0)
      aws-sigv4

PLATFORMS
  arm64-darwin-21
  x86_64-linux

DEPENDENCIES
  activesupport (~> 7.0)
  confidante (= 0.28.0.pre.21)
  docker-api (~> 2.2)
  dotenv (~> 2.8)
  nokogiri (~> 1.13)
  rake (~> 13.0)
  rake_dependencies (~> 3.1)
  rake_docker (~> 2.17)
  rake_fly (~> 2.11)
  rake_leiningen (~> 0.34)
  rake_terraform (~> 1.23)
  rake_vault (= 0.1.0.pre.13)
  semantic (~> 1.6)
  vault (~> 0.17)

BUNDLED WITH
   2.3.15
